GEM
  remote: https://rubygems.org/
  specs:
    image_size (2.0.0)
    md2review (1.12.0)
      redcarpet (> 2.0.0)
    rake (12.3.3)
    redcarpet (3.4.0)
    review (2.5.0)
      image_size
      rouge
      rubyzip
    rouge (3.3.0)
    rubyzip (1.2.2)

PLATFORMS
  ruby

DEPENDENCIES
  md2review
  rake
  review (= 2.5.0)

BUNDLED WITH
   1.16.2
